GEM
  specs:
    minitest (5.10.1)

PLATFORMS
  ruby

DEPENDENCIES
  minitest

BUNDLED WITH
   1.16.6
